FRAMEWORK: >= NET452
NUGET
  remote: https://www.nuget.org/api/v2
    Antlr (3.4.1.9004)
    bootstrap (3.0)
      jQuery (>= 1.9)
    jQuery (1.10.2)
    jQuery.Validation (1.11.1)
      jQuery (>= 1.4.4)
    Microsoft.ApplicationInsights (2.1)
    Microsoft.ApplicationInsights.Agent.Intercept (1.2.1)
    Microsoft.ApplicationInsights.DependencyCollector (2.1)
      Microsoft.ApplicationInsights (2.1)
      Microsoft.ApplicationInsights.Agent.Intercept (>= 1.2.1)
    Microsoft.ApplicationInsights.JavaScript (0.22.19-build00125)
    Microsoft.ApplicationInsights.PerfCounterCollector (2.1)
      Microsoft.ApplicationInsights (2.1)
    Microsoft.ApplicationInsights.Web (2.1)
      Microsoft.ApplicationInsights (2.1)
      Microsoft.ApplicationInsights.WindowsServer (>= 2.1)
    Microsoft.ApplicationInsights.WindowsServer (2.1)
      Microsoft.ApplicationInsights (2.1)
      Microsoft.ApplicationInsights.DependencyCollector (>= 2.1)
      Microsoft.ApplicationInsights.PerfCounterCollector (>= 2.1)
      Microsoft.ApplicationInsights.WindowsServer.TelemetryChannel (2.1)
    Microsoft.ApplicationInsights.WindowsServer.TelemetryChannel (2.1)
      Microsoft.ApplicationInsights (2.1)
    Microsoft.AspNet.Mvc (5.2.3)
      Microsoft.AspNet.Razor (>= 3.2.3 < 3.3)
      Microsoft.AspNet.WebPages (>= 3.2.3 < 3.3)
    Microsoft.AspNet.Razor (3.2.3)
    Microsoft.AspNet.Web.Optimization (1.1.3)
      Microsoft.Web.Infrastructure (>= 1.0)
      WebGrease (>= 1.5.2)
    Microsoft.AspNet.WebPages (3.2.3)
      Microsoft.AspNet.Razor (>= 3.2.3 < 3.3)
      Microsoft.Web.Infrastructure (>= 1.0)
    Microsoft.CodeDom.Providers.DotNetCompilerPlatform (1.0)
      Microsoft.Net.Compilers (>= 1.0)
    Microsoft.jQuery.Unobtrusive.Validation (3.2.3)
      jQuery (>= 1.8)
      jQuery.Validation (>= 1.8.0.1)
    Microsoft.Net.Compilers (1.0)
    Microsoft.Web.Infrastructure (1.0)
    Modernizr (2.6.2)
    Newtonsoft.Json (6.0.4)
    Respond (1.2)
    WebGrease (1.5.2)
      Antlr (>= 3.4.1.9004)
      Newtonsoft.Json (>= 5.0.4)
